PATH
  remote: .
  specs:
    fiber-cfs (0.1.0)
      async-dns (~> 1.3)
      nio4r (~> 2.7)
      red-black-tree (~> 0.1)

GEM
  remote: https://rubygems.org/
  specs:
    async (2.21.1)
      console (~> 1.29)
      fiber-annotation
      io-event (~> 1.6, >= 1.6.5)
    async-dns (1.3.0)
      async-io (~> 1.15)
    async-io (1.43.2)
      async
    console (1.29.2)
      fiber-annotation
      fiber-local (~> 1.1)
      json
    fiber-annotation (0.2.0)
    fiber-local (1.1.0)
      fiber-storage
    fiber-storage (1.0.0)
    io-event (1.7.5)
    json (2.9.1)
    minitest (5.25.4)
    nio4r (2.7.4)
    rake (13.2.1)
    red-black-tree (0.1.6)

PLATFORMS
  arm64-darwin-24
  ruby

DEPENDENCIES
  fiber-cfs!
  minitest (~> 5.16)
  rake (~> 13.0)

BUNDLED WITH
   2.6.2
